STORAGE: NONE
STRATEGY: MIN
RESTRICTION: == netstandard2.0
NUGET
  remote: https://api.nuget.org/v3/index.json
    FSharp.Core (6.0)
    System.Reflection.Emit.ILGeneration (4.7)
    System.Reflection.Emit.Lightweight (4.7)
      System.Reflection.Emit.ILGeneration (>= 4.7)
  remote: https://nuget.pkg.github.com/dotnet-websharper/index.json
    WebSharper (8.0.0.473-beta1)
      FSharp.Core (>= 6.0)
      System.Reflection.Emit.Lightweight (>= 4.7)
    WebSharper.FSharp (8.0.0.473-beta1)
      WebSharper (8.0.0.473-beta1)

GROUP wsbuild

GIT
  remote: https://github.com/dotnet-websharper/build-script
     (cde6d9356c3e67bcaf3bfa7ea0a69ccc5a40a528)